PATH
  remote: .
  specs:
    resque_spec (0.2.1)
      resque-igo (~> 1.12.8)
      resque_spec
      rspec (~> 1.3.0)

GEM
  remote: http://rubygems.org/
  specs:
    bson (1.2.4)
    git (1.2.5)
    jeweler (1.5.2)
      bundler (~> 1.0.0)
      git (>= 1.2.5)
      rake
    json (1.4.6)
    mongo (1.2.4)
      bson (>= 1.2.4)
    rack (1.2.1)
    rake (0.8.7)
    resque-igo (1.12.8)
      json (~> 1.4.6)
      mongo (~> 1.2.0)
      sinatra (>= 0.9.2)
      vegas (~> 0.1.2)
    rspec (1.3.1)
    sinatra (1.1.3)
      rack (~> 1.1)
      tilt (>= 1.2.2, < 2.0)
    tilt (1.2.2)
    vegas (0.1.8)
      rack (>= 1.0.0)

PLATFORMS
  ruby

DEPENDENCIES
  jeweler (>= 1.4.0)
  resque_spec!
